PATH
  remote: .
  specs:
    alex (0.1.0)
      json (~> 2.0)
      pg (~> 1.0)
      ruby-fann (~> 1.2)
      rubyhexagon (~> 1.6)

GEM
  remote: https://rubygems.org/
  specs:
    ast (2.4.0)
    diff-lcs (1.3)
    docile (1.3.1)
    json (2.1.0)
    parallel (1.12.1)
    parser (2.5.1.2)
      ast (~> 2.4.0)
    pg (1.0.0)
    powerpack (0.1.2)
    rainbow (3.0.0)
    rspec (3.8.0)
      rspec-core (~> 3.8.0)
      rspec-expectations (~> 3.8.0)
      rspec-mocks (~> 3.8.0)
    rspec-core (3.8.0)
      rspec-support (~> 3.8.0)
    rspec-expectations (3.8.1)
      diff-lcs (>= 1.2.0, < 2.0)
      rspec-support (~> 3.8.0)
    rspec-mocks (3.8.0)
      diff-lcs (>= 1.2.0, < 2.0)
      rspec-support (~> 3.8.0)
    rspec-support (3.8.0)
    rubocop (0.54.0)
      parallel (~> 1.10)
      parser (>= 2.5)
      powerpack (~> 0.1)
      rainbow (>= 2.2.2, < 4.0)
      ruby-progressbar (~> 1.7)
      unicode-display_width (~> 1.0, >= 1.0.1)
    ruby-fann (1.2.6)
    ruby-progressbar (1.10.0)
    rubyhexagon (1.6.3)
      json (~> 2.0)
    simplecov (0.16.1)
      docile (~> 1.1)
      json (>= 1.8, < 3)
      simplecov-html (~> 0.10.0)
    simplecov-html (0.10.2)
    unicode-display_width (1.4.0)
    yard (0.9.15)

PLATFORMS
  ruby

DEPENDENCIES
  alex!
  rspec (~> 3.6)
  rubocop (= 0.54.0)
  simplecov (~> 0.16.0)
  yard (~> 0.9.12)

RUBY VERSION
   ruby 2.5.1p57

BUNDLED WITH
   1.16.2
